PATH
  remote: .
  specs:
    iopromise-faraday (0.1.1)
      ethon (= 0.14.0)
      faraday (= 1.4.2)
      iopromise (~> 0.1.2)
      typhoeus (= 1.4.0)

GEM
  remote: https://rubygems.org/
  specs:
    benchmark-ips (2.9.1)
    diff-lcs (1.4.4)
    ethon (0.14.0)
      ffi (>= 1.15.0)
    faraday (1.4.2)
      faraday-em_http (~> 1.0)
      faraday-em_synchrony (~> 1.0)
      faraday-excon (~> 1.1)
      faraday-net_http (~> 1.0)
      faraday-net_http_persistent (~> 1.1)
      multipart-post (>= 1.2, < 3)
      ruby2_keywords (>= 0.0.4)
    faraday-em_http (1.0.0)
    faraday-em_synchrony (1.0.0)
    faraday-excon (1.1.0)
    faraday-net_http (1.0.1)
    faraday-net_http_persistent (1.1.0)
    ffi (1.15.3)
    iopromise (0.1.2)
      nio4r
      promise.rb (~> 0.7.4)
    multipart-post (2.1.1)
    nio4r (2.5.7)
    promise.rb (0.7.4)
    rake (13.0.3)
    rspec (3.10.0)
      rspec-core (~> 3.10.0)
      rspec-expectations (~> 3.10.0)
      rspec-mocks (~> 3.10.0)
    rspec-core (3.10.1)
      rspec-support (~> 3.10.0)
    rspec-expectations (3.10.1)
      diff-lcs (>= 1.2.0, < 2.0)
      rspec-support (~> 3.10.0)
    rspec-mocks (3.10.2)
      diff-lcs (>= 1.2.0, < 2.0)
      rspec-support (~> 3.10.0)
    rspec-support (3.10.2)
    ruby2_keywords (0.0.4)
    stackprof (0.2.17)
    typhoeus (1.4.0)
      ethon (>= 0.9.0)

PLATFORMS
  x86_64-linux

DEPENDENCIES
  benchmark-ips
  iopromise-faraday!
  rake (~> 13.0)
  rspec (~> 3.0)
  stackprof

BUNDLED WITH
   2.2.17
